GEM
  remote: http://rubygems.org/
  specs:
    bson (1.2.0)
    haml (3.0.2)
    hpricot (0.8.3)
    mongo (1.1.5)
      bson (>= 1.1.5)
    rack (1.2.1)
    sinatra (1.1.2)
      rack (~> 1.1)
      tilt (~> 1.2)
    tilt (1.2.2)

PLATFORMS
  ruby

DEPENDENCIES
  haml (= 3.0.2)
  hpricot (= 0.8.3)
  mongo (= 1.1.5)
  sinatra (= 1.1.2)
